{
    "Modality": "MR",
    "MagneticFieldStrength": 3,
    "ImagingFrequency": 127.766296,
    "Manufacturer": "Philips",
    "ManufacturersModelName": "Ingenia",
    "InstitutionName": "Novosib Neurosurgery Center",
    "InstitutionalDepartmentName": "MRI",
    "InstitutionAddress": "Nemirovicha-Danchenko 132",
    "DeviceSerialNumber": "85054",
    "StationName": "PHILIPS-F7TK6PR",
    "BodyPartExamined": "BRAIN",
    "PatientPosition": "HFS",
    "SoftwareVersions": "5.4.1\\5.4.1.3",
    "MRAcquisitionType": "2D",
    "SeriesDescription": "DTI_b02_PA",
    "ProtocolName": "DTI_b02_PA",
    "ScanningSequence": "SE",
    "SequenceVariant": "SK",
    "ScanOptions": "FS",
    "PulseSequenceName": "DwiSE",
    "ImageType": [
        "ORIGINAL",
        "PRIMARY",
        "M",
        "SE",
        "M",
        "SE"
    ],
    "SeriesNumber": 1601,
    "AcquisitionTime": "16:22:47.800000",
    "AcquisitionNumber": 16,
    "PhilipsRWVSlope": 1.51941,
    "PhilipsRWVIntercept": 0,
    "PhilipsRescaleSlope": 1.51941,
    "PhilipsRescaleIntercept": 0,
    "PhilipsScaleSlope": 0.0181609,
    "UsePhilipsFloatNotDisplayScaling": 1,
    "SliceThickness": 2,
    "SpacingBetweenSlices": 2,
    "SAR": 0.150598,
    "NumberOfAverages": 2,
    "EchoTime": 0.053949,
    "RepetitionTime": 6.5211,
    "MTState": false,
    "FlipAngle": 90,
    "CoilString": "MULTI COIL",
    "PercentPhaseFOV": 100,
    "PercentSampling": 100,
    "EchoTrainLength": 53,
    "PartialFourierDirection": "PHASE",
    "PartialFourierEnabled": "YES",
    "PhaseEncodingStepsNoPartialFourier": 126,
    "FrequencyEncodingSteps": 128,
    "PhaseEncodingStepsOutOfPlane": 1,
    "AcquisitionMatrixPE": 126,
    "ReconMatrixPE": 128,
    "ParallelReductionFactorInPlane": 2.4,
    "ParallelAcquisitionTechnique": "SENSE",
    "WaterFatShift": 22.8808,
    "EstimatedEffectiveEchoSpacing": 0.000407057,
    "EstimatedTotalReadoutTime": 0.0516962,
    "PixelBandwidth": 1321,
    "PhaseEncodingAxis": "j",
    "ImageOrientationPatientDICOM": [
        0.991983,
        0.121088,
        -0.0361518,
        -0.121338,
        0.9926,
        -0.00480513
    ],
    "InPlanePhaseEncodingDirectionDICOM": "COL",
    "BidsGuess": [
        "dwi",
        "_acq-SKSEDwiSEp24_run-1601_dwi"
    ],
    "ConversionSoftware": "dcm2niix",
    "ConversionSoftwareVersion": "v1.0.20240202",
    "Dcm2bidsVersion": "3.1.1"
}
