{
    "Modality": "MR",
    "MagneticFieldStrength": 3,
    "ImagingFrequency": 127.777328,
    "Manufacturer": "Philips",
    "ManufacturersModelName": "Ingenia",
    "InstitutionName": "Novosib Neurosurgery Center",
    "InstitutionalDepartmentName": "MRI",
    "InstitutionAddress": "Nemirovicha-Danchenko 132",
    "DeviceSerialNumber": "85054",
    "StationName": "PHILIPS-F7TK6PR",
    "BodyPartExamined": "BRAIN",
    "PatientPosition": "HFS",
    "ProcedureStepDescription": "HEAD",
    "SoftwareVersions": "5.4.1\\5.4.1.3",
    "MRAcquisitionType": "2D",
    "SeriesDescription": "DTI_64dir_b1500_AP",
    "ProtocolName": "DTI_64dir_b1500_AP",
    "ScanningSequence": "SE",
    "SequenceVariant": "SK",
    "ScanOptions": "FS",
    "PulseSequenceName": "DwiSE",
    "ImageType": [
        "ORIGINAL",
        "PRIMARY",
        "M",
        "SE",
        "M",
        "SE"
    ],
    "SeriesNumber": 1301,
    "AcquisitionTime": "10:42:47.210000",
    "AcquisitionNumber": 13,
    "PhilipsRWVSlope": 1.69402,
    "PhilipsRWVIntercept": 0,
    "PhilipsRescaleSlope": 1.69402,
    "PhilipsRescaleIntercept": 0,
    "PhilipsScaleSlope": 0.0176301,
    "UsePhilipsFloatNotDisplayScaling": 1,
    "SliceThickness": 2,
    "SpacingBetweenSlices": 2,
    "SAR": 0.0998343,
    "NumberOfAverages": 2,
    "EchoTime": 0.106668,
    "RepetitionTime": 9.74551,
    "MTState": false,
    "FlipAngle": 90,
    "CoilString": "MULTI COIL",
    "PercentPhaseFOV": 100,
    "PercentSampling": 100,
    "EchoTrainLength": 53,
    "PartialFourierDirection": "PHASE",
    "PartialFourierEnabled": "YES",
    "PhaseEncodingStepsNoPartialFourier": 126,
    "FrequencyEncodingSteps": 128,
    "PhaseEncodingStepsOutOfPlane": 1,
    "AcquisitionMatrixPE": 126,
    "ReconMatrixPE": 128,
    "ParallelReductionFactorInPlane": 2.4,
    "ParallelAcquisitionTechnique": "SENSE",
    "WaterFatShift": 18.463,
    "EstimatedEffectiveEchoSpacing": 0.000328433,
    "EstimatedTotalReadoutTime": 0.041711,
    "PixelBandwidth": 1759,
    "PhaseEncodingAxis": "j",
    "ImageOrientationPatientDICOM": [
        0.999109,
        -0.0421293,
        -0.00261643,
        0.0421452,
        0.999091,
        0.00634693
    ],
    "InPlanePhaseEncodingDirectionDICOM": "COL",
    "BidsGuess": [
        "dwi",
        "_acq-SKSEDwiSEp24_run-1301_dwi"
    ],
    "ConversionSoftware": "dcm2niix",
    "ConversionSoftwareVersion": "v1.0.20240202",
    "Dcm2bidsVersion": "3.1.1"
}
