{
    "Modality": "MR",
    "MagneticFieldStrength": 3,
    "ImagingFrequency": 127.767,
    "Manufacturer": "Philips",
    "ManufacturersModelName": "Ingenia",
    "InstitutionName": "Novosib_Neurosurgery_Center",
    "InstitutionalDepartmentName": "MRI",
    "InstitutionAddress": "Nemirovicha-Danchenko_132",
    "DeviceSerialNumber": "85054",
    "StationName": "PHILIPS-F7TK6PR",
    "BodyPartExamined": "BRAIN",
    "PatientPosition": "HFS",
    "SoftwareVersions": "5.4.1_5.4.1.1",
    "MRAcquisitionType": "2D",
    "SeriesDescription": "DTI_b02_PA",
    "ProtocolName": "DTI_b02_PA",
    "ScanningSequence": "SE",
    "SequenceVariant": "SK",
    "ScanOptions": "FS",
    "ImageType": [
        "ORIGINAL",
        "PRIMARY",
        "M",
        "SE",
        "M",
        "SE"
    ],
    "SeriesNumber": 1201,
    "AcquisitionNumber": 12,
    "PhilipsRWVSlope": 1.78364,
    "PhilipsRWVIntercept": 0,
    "PhilipsRescaleSlope": 1.78364,
    "PhilipsRescaleIntercept": 0,
    "PhilipsScaleSlope": 0.0155848,
    "UsePhilipsFloatNotDisplayScaling": 1,
    "SliceThickness": 2,
    "SpacingBetweenSlices": 2,
    "SAR": 0.152321,
    "EchoTime": 0.052523,
    "RepetitionTime": 6.45249,
    "FlipAngle": 90,
    "CoilString": "MULTI_COIL",
    "PartialFourier": 0.420635,
    "PercentPhaseFOV": 100,
    "EchoTrainLength": 53,
    "PhaseEncodingSteps": 126,
    "AcquisitionMatrixPE": 126,
    "ReconMatrixPE": 128,
    "PixelBandwidth": 1304,
    "PhaseEncodingAxis": "j",
    "ImageOrientationPatientDICOM": [
        0.998927,
        0.0313937,
        0.0340427,
        -0.0392881,
        0.96368,
        0.264154
    ],
    "InPlanePhaseEncodingDirectionDICOM": "COL",
    "ConversionSoftware": "dcm2niix",
    "ConversionSoftwareVersion": "v1.0.20181125  (JP2:OpenJPEG) GCC9.3.0",
    "Dcm2bidsVersion": "3.1.1"
}