{
    "Modality": "MR",
    "MagneticFieldStrength": 3,
    "ImagingFrequency": 127.767032,
    "Manufacturer": "Philips",
    "ManufacturersModelName": "Ingenia",
    "InstitutionName": "Novosib Neurosurgery Center",
    "InstitutionalDepartmentName": "MRI",
    "InstitutionAddress": "Nemirovicha-Danchenko 132",
    "DeviceSerialNumber": "85054",
    "StationName": "PHILIPS-F7TK6PR",
    "BodyPartExamined": "BRAIN",
    "PatientPosition": "HFS",
    "ProcedureStepDescription": "TRIGEMINAL 2",
    "SoftwareVersions": "5.4.1\\5.4.1.3",
    "MRAcquisitionType": "2D",
    "SeriesDescription": "DTI_b01_PA",
    "ProtocolName": "DTI_b01_PA",
    "ScanningSequence": "SE",
    "SequenceVariant": "SK",
    "ScanOptions": "FS",
    "PulseSequenceName": "DwiSE",
    "ImageType": [
        "ORIGINAL",
        "PRIMARY",
        "M",
        "SE",
        "M",
        "SE"
    ],
    "SeriesNumber": 501,
    "AcquisitionTime": "15:10:22.040000",
    "AcquisitionNumber": 5,
    "PhilipsRWVSlope": 1.6083,
    "PhilipsRWVIntercept": 0,
    "PhilipsRescaleSlope": 1.6083,
    "PhilipsRescaleIntercept": 0,
    "PhilipsScaleSlope": 0.0181064,
    "UsePhilipsFloatNotDisplayScaling": 1,
    "SliceThickness": 2,
    "SpacingBetweenSlices": 2,
    "SAR": 0.149829,
    "NumberOfAverages": 2,
    "EchoTime": 0.054257,
    "RepetitionTime": 6.55086,
    "MTState": false,
    "FlipAngle": 90,
    "CoilString": "MULTI COIL",
    "PercentPhaseFOV": 100,
    "PercentSampling": 100,
    "EchoTrainLength": 53,
    "PartialFourierDirection": "PHASE",
    "PartialFourierEnabled": "YES",
    "PhaseEncodingStepsNoPartialFourier": 126,
    "FrequencyEncodingSteps": 128,
    "PhaseEncodingStepsOutOfPlane": 1,
    "AcquisitionMatrixPE": 126,
    "ReconMatrixPE": 128,
    "ParallelReductionFactorInPlane": 2.4,
    "ParallelAcquisitionTechnique": "SENSE",
    "WaterFatShift": 23.1015,
    "EstimatedEffectiveEchoSpacing": 0.00041098,
    "EstimatedTotalReadoutTime": 0.0521944,
    "PixelBandwidth": 1305,
    "PhaseEncodingAxis": "j",
    "ImageOrientationPatientDICOM": [
        0.999246,
        0.00930585,
        0.0376822,
        -0.00941749,
        0.999952,
        0.00278624
    ],
    "InPlanePhaseEncodingDirectionDICOM": "COL",
    "BidsGuess": [
        "dwi",
        "_acq-SKSEDwiSEp24_run-501_dwi"
    ],
    "ConversionSoftware": "dcm2niix",
    "ConversionSoftwareVersion": "v1.0.20240202",
    "Dcm2bidsVersion": "3.1.1"
}
