{
    "Modality": "MR",
    "MagneticFieldStrength": 3,
    "ImagingFrequency": 127.777,
    "Manufacturer": "Philips",
    "ManufacturersModelName": "Ingenia",
    "InstitutionName": "Novosib_Neurosurgery_Center",
    "InstitutionalDepartmentName": "MRI",
    "InstitutionAddress": "Nemirovicha-Danchenko_132",
    "DeviceSerialNumber": "85054",
    "StationName": "PHILIPS-F7TK6PR",
    "BodyPartExamined": "BRAIN",
    "PatientPosition": "HFS",
    "ProcedureStepDescription": "HEAD",
    "SoftwareVersions": "5.4.1_5.4.1.3",
    "MRAcquisitionType": "3D",
    "SeriesDescription": "3D_T2_1mm",
    "ProtocolName": "3D_T2_1mm",
    "ScanningSequence": "SE",
    "SequenceVariant": "SK",
    "ScanOptions": "FS",
    "ImageType": [
        "ORIGINAL",
        "PRIMARY",
        "M",
        "SE",
        "M",
        "SE"
    ],
    "SeriesNumber": 301,
    "AcquisitionTime": "08:11:52.990000",
    "AcquisitionNumber": 3,
    "PhilipsRWVSlope": 1.74945,
    "PhilipsRWVIntercept": 0,
    "PhilipsRescaleSlope": 1.74945,
    "PhilipsRescaleIntercept": 0,
    "PhilipsScaleSlope": 0.0116611,
    "UsePhilipsFloatNotDisplayScaling": 1,
    "SliceThickness": 1,
    "SpacingBetweenSlices": 0.5,
    "SAR": 0.0259759,
    "EchoTime": 0.3,
    "RepetitionTime": 3.5,
    "FlipAngle": 90,
    "CoilString": "MULTI_COIL",
    "PercentPhaseFOV": 100,
    "EchoTrainLength": 155,
    "PhaseEncodingSteps": 252,
    "AcquisitionMatrixPE": 252,
    "ReconMatrixPE": 512,
    "PixelBandwidth": 841,
    "ImageOrientationPatientDICOM": [
        0.0156759,
        0.999863,
        0.00527336,
        0.0248193,
        0.00488328,
        -0.99968
    ],
    "InPlanePhaseEncodingDirectionDICOM": "ROW",
    "ConversionSoftware": "dcm2niix",
    "ConversionSoftwareVersion": "v1.0.20181125  (JP2:OpenJPEG) GCC9.3.0",
    "Dcm2bidsVersion": "3.1.1"
}