{
    "Modality": "MR",
    "MagneticFieldStrength": 3,
    "ImagingFrequency": 127.777,
    "Manufacturer": "Philips",
    "ManufacturersModelName": "Ingenia",
    "InstitutionName": "Novosib_Neurosurgery_Center",
    "InstitutionalDepartmentName": "MRI",
    "InstitutionAddress": "Nemirovicha-Danchenko_132",
    "DeviceSerialNumber": "85054",
    "StationName": "PHILIPS-F7TK6PR",
    "BodyPartExamined": "BRAIN",
    "PatientPosition": "HFS",
    "ProcedureStepDescription": "TRIGEMINAL_1+2",
    "SoftwareVersions": "5.4.1_5.4.1.3",
    "MRAcquisitionType": "2D",
    "SeriesDescription": "rest-fMRI",
    "ProtocolName": "rest-fMRI",
	"TaskName": "rest",
    "ScanningSequence": "GR",
    "SequenceVariant": "SK",
    "ScanOptions": "FS",
    "ImageType": [
        "ORIGINAL",
        "PRIMARY",
        "M",
        "FFE",
        "M",
        "FFE"
    ],
    "SeriesNumber": 1201,
    "AcquisitionTime": "18:37:40.530000",
    "AcquisitionNumber": 12,
    "PhilipsRWVSlope": 0.799756,
    "PhilipsRWVIntercept": 0,
    "PhilipsRescaleSlope": 0.799756,
    "PhilipsRescaleIntercept": 0,
    "PhilipsScaleSlope": 0.011884,
    "UsePhilipsFloatNotDisplayScaling": 1,
    "SliceThickness": 3,
    "SpacingBetweenSlices": 3,
    "SAR": 0.108433,
    "EchoTime": 0.03,
    "RepetitionTime": 3,
    "FlipAngle": 90,
    "CoilString": "MULTI_COIL",
    "PartialFourier": 0.3375,
    "PercentPhaseFOV": 100,
    "EchoTrainLength": 27,
    "PhaseEncodingSteps": 80,
    "AcquisitionMatrixPE": 80,
    "ReconMatrixPE": 80,
    "PixelBandwidth": 2271,
    "PhaseEncodingAxis": "j",
    "ImageOrientationPatientDICOM": [
        0.996919,
        -0.0281783,
        0.0732035,
        0.0250272,
        0.998735,
        0.0436114
    ],
    "InPlanePhaseEncodingDirectionDICOM": "COL",
    "ConversionSoftware": "dcm2niix",
    "ConversionSoftwareVersion": "v1.0.20181125  (JP2:OpenJPEG) GCC9.3.0",
    "Dcm2bidsVersion": "3.1.1"
}