{
    "Modality": "MR",
    "MagneticFieldStrength": 3,
    "ImagingFrequency": 127.766864,
    "Manufacturer": "Philips",
    "ManufacturersModelName": "Ingenia",
    "InstitutionName": "Novosib Neurosurgery Center",
    "InstitutionalDepartmentName": "MRI",
    "InstitutionAddress": "Nemirovicha-Danchenko 132",
    "DeviceSerialNumber": "85054",
    "StationName": "PHILIPS-F7TK6PR",
    "BodyPartExamined": "BRAIN",
    "PatientPosition": "HFS",
    "ProcedureStepDescription": "HEAD TRI 2",
    "SoftwareVersions": "5.4.1\\5.4.1.3",
    "MRAcquisitionType": "2D",
    "SeriesDescription": "rest-fMRI",
    "ProtocolName": "rest-fMRI",
    "TaskName": "rest",
    "ScanningSequence": "GR",
    "SequenceVariant": "SK",
    "ScanOptions": "FS",
    "PulseSequenceName": "FEEPI",
    "ImageType": [
        "ORIGINAL",
        "PRIMARY",
        "M",
        "FFE",
        "M",
        "FFE"
    ],
    "SeriesNumber": 301,
    "AcquisitionTime": "21:10:10.120000",
    "AcquisitionNumber": 3,
    "PhilipsRWVSlope": 0.806593,
    "PhilipsRWVIntercept": 0,
    "PhilipsRescaleSlope": 0.806593,
    "PhilipsRescaleIntercept": 0,
    "PhilipsScaleSlope": 0.0125244,
    "UsePhilipsFloatNotDisplayScaling": 1,
    "SliceThickness": 3,
    "SpacingBetweenSlices": 3,
    "SAR": 0.108433,
    "EchoTime": 0.03,
    "RepetitionTime": 3,
    "MTState": false,
    "FlipAngle": 90,
    "CoilString": "MULTI COIL",
    "PercentPhaseFOV": 100,
    "PercentSampling": 100,
    "EchoTrainLength": 27,
    "PhaseEncodingSteps": 80,
    "FrequencyEncodingSteps": 80,
    "PhaseEncodingStepsOutOfPlane": 1,
    "AcquisitionMatrixPE": 80,
    "ReconMatrixPE": 80,
    "ParallelReductionFactorInPlane": 3,
    "ParallelAcquisitionTechnique": "SENSE",
    "WaterFatShift": 6.81394,
    "EstimatedEffectiveEchoSpacing": 0.000191461,
    "EstimatedTotalReadoutTime": 0.0151254,
    "PixelBandwidth": 2264,
    "PhaseEncodingAxis": "j",
    "ImageOrientationPatientDICOM": [
        0.997439,
        -0.0446477,
        0.0558798,
        0.0451308,
        0.998954,
        -0.00741125
    ],
    "InPlanePhaseEncodingDirectionDICOM": "COL",
    "BidsGuess": [
        "func",
        "_acq-SKGRFEEPIp30_run-301_bold"
    ],
    "ConversionSoftware": "dcm2niix",
    "ConversionSoftwareVersion": "v1.0.20240202",
    "Dcm2bidsVersion": "3.1.1"
}
