{
    "Modality": "MR",
    "MagneticFieldStrength": 3,
    "ImagingFrequency": 127.777312,
    "Manufacturer": "Philips",
    "ManufacturersModelName": "Ingenia",
    "InstitutionName": "Novosib Neurosurgery Center",
    "InstitutionalDepartmentName": "MRI",
    "InstitutionAddress": "Nemirovicha-Danchenko 132",
    "DeviceSerialNumber": "85054",
    "StationName": "PHILIPS-F7TK6PR",
    "BodyPartExamined": "BRAIN",
    "PatientPosition": "HFS",
    "ProcedureStepDescription": "HEAD",
    "SoftwareVersions": "5.4.1\\5.4.1.3",
    "MRAcquisitionType": "2D",
    "SeriesDescription": "rest-fMRI",
    "ProtocolName": "rest-fMRI",
    "TaskName" : "rest",
    "ScanningSequence": "GR",
    "SequenceVariant": "SK",
    "ScanOptions": "FS",
    "PulseSequenceName": "FEEPI",
    "ImageType": [
        "ORIGINAL",
        "PRIMARY",
        "M",
        "FFE",
        "M",
        "FFE"
    ],
    "SeriesNumber": 1201,
    "AcquisitionTime": "10:32:27.700000",
    "AcquisitionNumber": 12,
    "PhilipsRWVSlope": 0.850549,
    "PhilipsRWVIntercept": 0,
    "PhilipsRescaleSlope": 0.850549,
    "PhilipsRescaleIntercept": 0,
    "PhilipsScaleSlope": 0.015162,
    "UsePhilipsFloatNotDisplayScaling": 1,
    "SliceThickness": 3,
    "SpacingBetweenSlices": 3,
    "SAR": 0.108383,
    "EchoTime": 0.030001,
    "RepetitionTime": 3,
    "MTState": false,
    "FlipAngle": 90,
    "CoilString": "MULTI COIL",
    "PercentPhaseFOV": 100,
    "PercentSampling": 100,
    "EchoTrainLength": 27,
    "PhaseEncodingSteps": 80,
    "FrequencyEncodingSteps": 80,
    "PhaseEncodingStepsOutOfPlane": 1,
    "AcquisitionMatrixPE": 80,
    "ReconMatrixPE": 80,
    "ParallelReductionFactorInPlane": 3,
    "ParallelAcquisitionTechnique": "SENSE",
    "WaterFatShift": 6.75854,
    "EstimatedEffectiveEchoSpacing": 0.000189889,
    "EstimatedTotalReadoutTime": 0.0150012,
    "PixelBandwidth": 2288,
    "PhaseEncodingAxis": "j",
    "ImageOrientationPatientDICOM": [
        0.999109,
        -0.0421293,
        -0.00261643,
        0.0421452,
        0.999091,
        0.00634693
    ],
    "InPlanePhaseEncodingDirectionDICOM": "COL",
    "BidsGuess": [
        "func",
        "_acq-SKGRFEEPIp30_run-1201_bold"
    ],
    "ConversionSoftware": "dcm2niix",
    "ConversionSoftwareVersion": "v1.0.20240202",
    "Dcm2bidsVersion": "3.1.1"
}
