{
    "Modality": "MR",
    "MagneticFieldStrength": 3,
    "ImagingFrequency": 127.767,
    "Manufacturer": "Philips",
    "ManufacturersModelName": "Ingenia",
    "InstitutionName": "Novosib_Neurosurgery_Center",
    "InstitutionalDepartmentName": "MRI",
    "InstitutionAddress": "Nemirovicha-Danchenko_132",
    "DeviceSerialNumber": "85054",
    "StationName": "PHILIPS-F7TK6PR",
    "BodyPartExamined": "BRAIN",
    "PatientPosition": "HFS",
    "SoftwareVersions": "5.4.1_5.4.1.3",
    "MRAcquisitionType": "2D",
    "SeriesDescription": "DTI_b02_PA",
    "ProtocolName": "DTI_b02_PA",
    "ScanningSequence": "SE",
    "SequenceVariant": "SK",
    "ScanOptions": "FS",
    "ImageType": [
        "ORIGINAL",
        "PRIMARY",
        "M",
        "SE",
        "M",
        "SE"
    ],
    "SeriesNumber": 1701,
    "AcquisitionTime": "15:27:56.190000",
    "AcquisitionNumber": 17,
    "PhilipsRWVSlope": 2.05299,
    "PhilipsRWVIntercept": 0,
    "PhilipsRescaleSlope": 2.05299,
    "PhilipsRescaleIntercept": 0,
    "PhilipsScaleSlope": 0.01476,
    "UsePhilipsFloatNotDisplayScaling": 1,
    "SliceThickness": 2,
    "SpacingBetweenSlices": 2,
    "SAR": 0.175781,
    "EchoTime": 0.04587,
    "RepetitionTime": 5.61089,
    "FlipAngle": 90,
    "CoilString": "MULTI_COIL",
    "PartialFourier": 0.420635,
    "PercentPhaseFOV": 100,
    "EchoTrainLength": 53,
    "PhaseEncodingSteps": 126,
    "AcquisitionMatrixPE": 126,
    "ReconMatrixPE": 128,
    "PixelBandwidth": 1759,
    "PhaseEncodingAxis": "j",
    "ImageOrientationPatientDICOM": [
        0.999762,
        -0.020638,
        -0.00700048,
        0.0206837,
        0.999765,
        0.00651855
    ],
    "InPlanePhaseEncodingDirectionDICOM": "COL",
    "ConversionSoftware": "dcm2niix",
    "ConversionSoftwareVersion": "v1.0.20181125  (JP2:OpenJPEG) GCC9.3.0",
    "Dcm2bidsVersion": "3.1.1"
}