{
	"Modality": "MR",
	"MagneticFieldStrength": 3,
	"ImagingFrequency": 127.766,
	"Manufacturer": "Philips",
	"ManufacturersModelName": "Ingenia",
	"InstitutionName": "Novosib Neurosurgery Center",
	"InstitutionalDepartmentName": "MRI",
	"InstitutionAddress": "Nemirovicha-Danchenko 132",
	"DeviceSerialNumber": "85054",
	"StationName": "PHILIPS-F7TK6PR",
	"BodyPartExamined": "BRAIN",
	"PatientPosition": "HFS",
	"ProcedureStepDescription": "HEAD TRIGEMINAL 1,2",
	"SoftwareVersions": "5.4.1\\5.4.1.3",
	"MRAcquisitionType": "2D",
	"SeriesDescription": "rest-fMRI",
	"ProtocolName": "rest-fMRI",
	"TaskName": "rest",
	"ScanningSequence": "GR",
	"SequenceVariant": "SK",
	"ScanOptions": "FS",
	"ImageType": ["ORIGINAL", "PRIMARY", "M", "FFE", "M", "FFE"],
	"SeriesNumber": 1401,
	"AcquisitionTime": "12:20:15.000000",
	"AcquisitionNumber": 14,
	"PhilipsRWVSlope": 0.822466,
	"PhilipsRWVIntercept": 0,
	"PhilipsRescaleSlope": 0.822466,
	"PhilipsRescaleIntercept": 0,
	"PhilipsScaleSlope": 0.0124968,
	"UsePhilipsFloatNotDisplayScaling": 1,
	"SliceThickness": 3,
	"SpacingBetweenSlices": 3,
	"SAR": 0.108485,
	"EchoTime": 0.03,
	"RepetitionTime": 3,
	"MTState": false,
	"FlipAngle": 90,
	"CoilString": "MULTI COIL",
	"PercentPhaseFOV": 100,
	"PercentSampling": 100,
	"EchoTrainLength": 27,
	"PhaseEncodingSteps": 80,
	"AcquisitionMatrixPE": 80,
	"ReconMatrixPE": 80,
	"ParallelReductionFactorInPlane": 3,
	"ParallelAcquisitionTechnique": "SENSE",
	"WaterFatShift": 7.30044,
	"EstimatedEffectiveEchoSpacing": 0.000205132,
	"EstimatedTotalReadoutTime": 0.0162054,
	"PixelBandwidth": 2076,
	"PhaseEncodingAxis": "j",
	"ImageOrientationPatientDICOM": [
		0.99222,
		-0.124443,
		-0.00378774,
		0.124482,
		0.99109,
		0.0473761	],
	"InPlanePhaseEncodingDirectionDICOM": "COL",
	"ConversionSoftware": "dcm2niix",
	"ConversionSoftwareVersion": "v1.0.20211006"
}
