{
    "Modality": "MR",
    "MagneticFieldStrength": 3,
    "ImagingFrequency": 127.767,
    "Manufacturer": "Philips",
    "ManufacturersModelName": "Ingenia",
    "InstitutionName": "Novosib_Neurosurgery_Center",
    "InstitutionalDepartmentName": "MRI",
    "InstitutionAddress": "Nemirovicha-Danchenko_132",
    "DeviceSerialNumber": "85054",
    "StationName": "PHILIPS-F7TK6PR",
    "BodyPartExamined": "BRAIN",
    "PatientPosition": "HFS",
    "ProcedureStepDescription": "TRIGEMINAL1+2",
    "SoftwareVersions": "5.4.1_5.4.1.3",
    "MRAcquisitionType": "2D",
    "SeriesDescription": "rest-fMRI",
    "ProtocolName": "rest-fMRI",
    "TaskName": "rest",
    "ScanningSequence": "GR",
    "SequenceVariant": "SK",
    "ScanOptions": "FS",
    "ImageType": [
        "ORIGINAL",
        "PRIMARY",
        "M",
        "FFE",
        "M",
        "FFE"
    ],
    "SeriesNumber": 1301,
    "AcquisitionTime": "15:14:2.800000",
    "AcquisitionNumber": 13,
    "PhilipsRWVSlope": 0.812698,
    "PhilipsRWVIntercept": 0,
    "PhilipsRescaleSlope": 0.812698,
    "PhilipsRescaleIntercept": 0,
    "PhilipsScaleSlope": 0.0129395,
    "UsePhilipsFloatNotDisplayScaling": 1,
    "SliceThickness": 3,
    "SpacingBetweenSlices": 3,
    "SAR": 0.108433,
    "EchoTime": 0.030001,
    "RepetitionTime": 3,
    "FlipAngle": 90,
    "CoilString": "MULTI_COIL",
    "PercentPhaseFOV": 100,
    "EchoTrainLength": 27,
    "PhaseEncodingSteps": 80,
    "AcquisitionMatrixPE": 80,
    "ReconMatrixPE": 80,
    "PixelBandwidth": 2268,
    "PhaseEncodingAxis": "j",
    "ImageOrientationPatientDICOM": [
        0.999941,
        -0.0107905,
        0.000918931,
        0.0108293,
        0.995665,
        -0.0923738
    ],
    "InPlanePhaseEncodingDirectionDICOM": "COL",
    "ConversionSoftware": "dcm2niix",
    "ConversionSoftwareVersion": "v1.0.20181125  (JP2:OpenJPEG) GCC9.3.0",
    "Dcm2bidsVersion": "3.1.1"
}
