{
    "Modality": "MR",
    "MagneticFieldStrength": 3,
    "ImagingFrequency": 127.76704,
    "Manufacturer": "Philips",
    "ManufacturersModelName": "Ingenia",
    "InstitutionName": "Novosib Neurosurgery Center",
    "InstitutionalDepartmentName": "MRI",
    "InstitutionAddress": "Nemirovicha-Danchenko 132",
    "DeviceSerialNumber": "85054",
    "StationName": "PHILIPS-F7TK6PR",
    "BodyPartExamined": "BRAIN",
    "PatientPosition": "HFS",
    "ProcedureStepDescription": "TRIGEMINAL",
    "SoftwareVersions": "5.4.1\\5.4.1.3",
    "MRAcquisitionType": "3D",
    "SeriesDescription": "sT1W_3D_SAG",
    "ProtocolName": "sT1W_3D_SAG",
    "ScanningSequence": "GR",
    "SequenceVariant": "MP",
    "ScanOptions": "PFP",
    "PulseSequenceName": "T1TFE",
    "ImageType": [
        "ORIGINAL",
        "PRIMARY",
        "M",
        "FFE",
        "M",
        "FFE"
    ],
    "SeriesNumber": 201,
    "AcquisitionTime": "07:58:42.630000",
    "AcquisitionNumber": 2,
    "PhilipsRWVSlope": 4.19048,
    "PhilipsRWVIntercept": 0,
    "PhilipsRescaleSlope": 4.19048,
    "PhilipsRescaleIntercept": 0,
    "PhilipsScaleSlope": 0.0194023,
    "UsePhilipsFloatNotDisplayScaling": 1,
    "SliceThickness": 1,
    "SpacingBetweenSlices": 0.5,
    "SAR": 0.0284447,
    "EchoTime": 0.002964,
    "RepetitionTime": 0.006597,
    "MTState": false,
    "SpoilingState": true,
    "SpoilingType": "COMBINED",
    "FlipAngle": 8,
    "CoilString": "MULTI COIL",
    "PercentPhaseFOV": 100,
    "PercentSampling": 100,
    "EchoTrainLength": 200,
    "PartialFourierDirection": "PHASE",
    "PartialFourierEnabled": "YES",
    "PhaseEncodingStepsNoPartialFourier": 235,
    "FrequencyEncodingSteps": 256,
    "PhaseEncodingStepsOutOfPlane": 170,
    "AcquisitionMatrixPE": 235,
    "ReconMatrixPE": 512,
    "ParallelAcquisitionTechnique": "SENSE",
    "ParallelReductionFactorOutOfPlane": 2,
    "WaterFatShift": 1.6014,
    "EstimatedEffectiveEchoSpacing": 7.1782e-06,
    "EstimatedTotalReadoutTime": 0.00366806,
    "PixelBandwidth": 271,
    "PhaseEncodingAxis": "i",
    "ImageOrientationPatientDICOM": [
        -0.0392881,
        0.999214,
        0.00527336,
        0.0245135,
        0.00623967,
        -0.99968
    ],
    "InPlanePhaseEncodingDirectionDICOM": "ROW",
    "BidsGuess": [
        "anat",
        "_acq-MPGRT1TFE_run-201_T1w"
    ],
    "ConversionSoftware": "dcm2niix",
    "ConversionSoftwareVersion": "v1.0.20240202",
    "Dcm2bidsVersion": "3.1.1"
}
