{
	"Modality": "MR",
	"MagneticFieldStrength": 3,
	"ImagingFrequency": 127.777,
	"Manufacturer": "Philips",
	"ManufacturersModelName": "Ingenia",
	"InstitutionName": "Novosib Neurosurgery Center",
	"InstitutionalDepartmentName": "MRI",
	"InstitutionAddress": "Nemirovicha-Danchenko 132",
	"DeviceSerialNumber": "85054",
	"StationName": "PHILIPS-F7TK6PR",
	"BodyPartExamined": "BRAIN",
	"PatientPosition": "HFS",
	"ProcedureStepDescription": "BRAIN",
	"SoftwareVersions": "5.4.1\\5.4.1.3",
	"MRAcquisitionType": "2D",
	"SeriesDescription": "rest-fMRI",
	"ProtocolName": "rest-fMRI",
	"TaskName": "rest",
	"ScanningSequence": "GR",
	"SequenceVariant": "SK",
	"ScanOptions": "FS",
	"ImageType": ["ORIGINAL", "PRIMARY", "M", "FFE", "M", "FFE"],
	"SeriesNumber": 1201,
	"AcquisitionTime": "08:57:58.080000",
	"AcquisitionNumber": 12,
	"PhilipsRWVSlope": 0.838095,
	"PhilipsRWVIntercept": 0,
	"PhilipsRescaleSlope": 0.838095,
	"PhilipsRescaleIntercept": 0,
	"PhilipsScaleSlope": 0.012118,
	"UsePhilipsFloatNotDisplayScaling": 1,
	"SliceThickness": 3,
	"SpacingBetweenSlices": 3,
	"SAR": 0.108486,
	"EchoTime": 0.03,
	"RepetitionTime": 3,
	"MTState": false,
	"FlipAngle": 90,
	"CoilString": "MULTI COIL",
	"PercentPhaseFOV": 100,
	"PercentSampling": 100,
	"EchoTrainLength": 27,
	"PhaseEncodingSteps": 80,
	"AcquisitionMatrixPE": 80,
	"ReconMatrixPE": 80,
	"ParallelReductionFactorInPlane": 3,
	"ParallelAcquisitionTechnique": "SENSE",
	"WaterFatShift": 6.80963,
	"EstimatedEffectiveEchoSpacing": 0.000191324,
	"EstimatedTotalReadoutTime": 0.0151146,
	"PixelBandwidth": 2266,
	"PhaseEncodingAxis": "j",
	"ImageOrientationPatientDICOM": [
		0.999076,
		0.0161954,
		0.039808,
		-0.0232488,
		0.982711,
		0.183678	],
	"InPlanePhaseEncodingDirectionDICOM": "COL",
	"ConversionSoftware": "dcm2niix",
	"ConversionSoftwareVersion": "v1.0.20211006"
}
