{
    "Modality": "MR",
    "MagneticFieldStrength": 3,
    "ImagingFrequency": 127.766,
    "Manufacturer": "Philips",
    "ManufacturersModelName": "Ingenia",
    "InstitutionName": "Novosib_Neurosurgery_Center",
    "InstitutionalDepartmentName": "MRI",
    "InstitutionAddress": "Nemirovicha-Danchenko_132",
    "DeviceSerialNumber": "85054",
    "StationName": "PHILIPS-F7TK6PR",
    "BodyPartExamined": "BRAIN",
    "PatientPosition": "HFS",
    "SoftwareVersions": "5.4.1_5.4.1.3",
    "MRAcquisitionType": "3D",
    "SeriesDescription": "sT1W_3D_SAG",
    "ProtocolName": "sT1W_3D_SAG",
    "ScanningSequence": "GR",
    "SequenceVariant": "MP",
    "ScanOptions": "PFP",
    "ImageType": [
        "ORIGINAL",
        "PRIMARY",
        "M",
        "FFE",
        "M",
        "FFE"
    ],
    "SeriesNumber": 1301,
    "AcquisitionTime": "08:52:4.900000",
    "AcquisitionNumber": 13,
    "PhilipsRWVSlope": 4.82076,
    "PhilipsRWVIntercept": 0,
    "PhilipsRescaleSlope": 4.82076,
    "PhilipsRescaleIntercept": 0,
    "PhilipsScaleSlope": 0.0205867,
    "UsePhilipsFloatNotDisplayScaling": 1,
    "SliceThickness": 1,
    "SpacingBetweenSlices": 0.5,
    "SAR": 0.0284447,
    "EchoTime": 0.00298,
    "RepetitionTime": 0.0066211,
    "FlipAngle": 8,
    "CoilString": "MULTI_COIL",
    "PercentPhaseFOV": 100,
    "EchoTrainLength": 200,
    "PhaseEncodingSteps": 235,
    "AcquisitionMatrixPE": 235,
    "ReconMatrixPE": 512,
    "PixelBandwidth": 271,
    "ImageOrientationPatientDICOM": [
        0.0296186,
        0.999546,
        0.00547056,
        0.0485176,
        0.00402888,
        -0.998814
    ],
    "InPlanePhaseEncodingDirectionDICOM": "ROW",
    "ConversionSoftware": "dcm2niix",
    "ConversionSoftwareVersion": "v1.0.20181125  (JP2:OpenJPEG) GCC9.3.0",
    "Dcm2bidsVersion": "3.1.1"
}