{
    "Modality": "MR",
    "MagneticFieldStrength": 3,
    "ImagingFrequency": 127.766872,
    "Manufacturer": "Philips",
    "ManufacturersModelName": "Ingenia",
    "InstitutionName": "Novosib Neurosurgery Center",
    "InstitutionalDepartmentName": "MRI",
    "InstitutionAddress": "Nemirovicha-Danchenko 132",
    "DeviceSerialNumber": "85054",
    "StationName": "PHILIPS-F7TK6PR",
    "BodyPartExamined": "BRAIN",
    "PatientPosition": "HFS",
    "ProcedureStepDescription": "HEAD TRIGEMINAL 1,2",
    "SoftwareVersions": "5.4.1\\5.4.1.3",
    "MRAcquisitionType": "3D",
    "SeriesDescription": "3D_T2_1mm",
    "ProtocolName": "3D_T2_1mm",
    "ScanningSequence": "SE",
    "SequenceVariant": "SK",
    "ScanOptions": "FS",
    "PulseSequenceName": "TSE",
    "ImageType": [
        "ORIGINAL",
        "PRIMARY",
        "M",
        "SE",
        "M",
        "SE"
    ],
    "SeriesNumber": 301,
    "AcquisitionTime": "08:38:47.390000",
    "AcquisitionNumber": 3,
    "PhilipsRWVSlope": 1.77241,
    "PhilipsRWVIntercept": 0,
    "PhilipsRescaleSlope": 1.77241,
    "PhilipsRescaleIntercept": 0,
    "PhilipsScaleSlope": 0.0108028,
    "UsePhilipsFloatNotDisplayScaling": 1,
    "SliceThickness": 1,
    "SpacingBetweenSlices": 0.5,
    "SAR": 0.0259759,
    "NumberOfAverages": 2,
    "EchoTime": 0.3,
    "RepetitionTime": 3.5,
    "MTState": false,
    "FlipAngle": 90,
    "CoilString": "MULTI COIL",
    "PercentPhaseFOV": 100,
    "PercentSampling": 78.2281,
    "EchoTrainLength": 155,
    "PhaseEncodingSteps": 252,
    "FrequencyEncodingSteps": 252,
    "PhaseEncodingStepsOutOfPlane": 180,
    "AcquisitionMatrixPE": 252,
    "ReconMatrixPE": 512,
    "ParallelReductionFactorInPlane": 2.4,
    "ParallelAcquisitionTechnique": "SENSE",
    "ParallelReductionFactorOutOfPlane": 2.1,
    "WaterFatShift": 0.516728,
    "EstimatedEffectiveEchoSpacing": 2.31287e-06,
    "EstimatedTotalReadoutTime": 0.00118188,
    "PixelBandwidth": 841,
    "PhaseEncodingAxis": "i",
    "ImageOrientationPatientDICOM": [
        -0.039253,
        0.999214,
        0.0055289,
        0.0180081,
        0.00623967,
        -0.999818
    ],
    "InPlanePhaseEncodingDirectionDICOM": "ROW",
    "BidsGuess": [
        "anat",
        "_acq-SKSETSEp24_run-301_T2w"
    ],
    "ConversionSoftware": "dcm2niix",
    "ConversionSoftwareVersion": "v1.0.20240202",
    "Dcm2bidsVersion": "3.1.1"
}
