{
    "Modality": "MR",
    "MagneticFieldStrength": 3,
    "ImagingFrequency": 127.766,
    "Manufacturer": "Philips",
    "ManufacturersModelName": "Ingenia",
    "InstitutionName": "Novosib_Neurosurgery_Center",
    "InstitutionalDepartmentName": "MRI",
    "InstitutionAddress": "Nemirovicha-Danchenko_132",
    "DeviceSerialNumber": "85054",
    "StationName": "PHILIPS-F7TK6PR",
    "BodyPartExamined": "BRAIN",
    "PatientPosition": "HFS",
    "ProcedureStepDescription": "HEAD_TRIGEMINAL_1_2",
    "SoftwareVersions": "5.4.1_5.4.1.3",
    "MRAcquisitionType": "2D",
    "SeriesDescription": "DTI_b02_PA",
    "ProtocolName": "DTI_b02_PA",
    "ScanningSequence": "SE",
    "SequenceVariant": "SK",
    "ScanOptions": "FS",
    "ImageType": [
        "ORIGINAL",
        "PRIMARY",
        "M",
        "SE",
        "M",
        "SE"
    ],
    "SeriesNumber": 1601,
    "AcquisitionTime": "10:13:22.310000",
    "AcquisitionNumber": 16,
    "PhilipsRWVSlope": 2.3033,
    "PhilipsRWVIntercept": 0,
    "PhilipsRescaleSlope": 2.3033,
    "PhilipsRescaleIntercept": 0,
    "PhilipsScaleSlope": 0.0112778,
    "UsePhilipsFloatNotDisplayScaling": 1,
    "SliceThickness": 2,
    "SpacingBetweenSlices": 2,
    "SAR": 0.152676,
    "EchoTime": 0.052408,
    "RepetitionTime": 6.43483,
    "FlipAngle": 90,
    "CoilString": "MULTI_COIL",
    "PartialFourier": 0.420635,
    "PercentPhaseFOV": 100,
    "EchoTrainLength": 53,
    "PhaseEncodingSteps": 126,
    "AcquisitionMatrixPE": 126,
    "ReconMatrixPE": 128,
    "PixelBandwidth": 1304,
    "PhaseEncodingAxis": "j",
    "ImageOrientationPatientDICOM": [
        0.997253,
        0.0687404,
        0.0275964,
        -0.0699701,
        0.99647,
        0.0463885
    ],
    "InPlanePhaseEncodingDirectionDICOM": "COL",
    "ConversionSoftware": "dcm2niix",
    "ConversionSoftwareVersion": "v1.0.20181125  (JP2:OpenJPEG) GCC9.3.0",
    "Dcm2bidsVersion": "3.1.1"
}