{
    "Modality": "MR",
    "MagneticFieldStrength": 3,
    "ImagingFrequency": 127.777,
    "Manufacturer": "Philips",
    "ManufacturersModelName": "Ingenia",
    "InstitutionName": "Novosib_Neurosurgery_Center",
    "InstitutionalDepartmentName": "MRI",
    "InstitutionAddress": "Nemirovicha-Danchenko_132",
    "DeviceSerialNumber": "85054",
    "StationName": "PHILIPS-F7TK6PR",
    "BodyPartExamined": "BRAIN",
    "PatientPosition": "HFS",
    "ProcedureStepDescription": "HEAD",
    "SoftwareVersions": "5.4.1_5.4.1.3",
    "MRAcquisitionType": "2D",
    "SeriesDescription": "DTI_64dir_b1500_AP",
    "ProtocolName": "DTI_64dir_b1500_AP",
    "ScanningSequence": "SE",
    "SequenceVariant": "SK",
    "ScanOptions": "FS",
    "ImageType": [
        "ORIGINAL",
        "PRIMARY",
        "M",
        "SE",
        "M",
        "SE"
    ],
    "SeriesNumber": 1301,
    "AcquisitionTime": "08:39:50.360000",
    "AcquisitionNumber": 13,
    "PhilipsRWVSlope": 1.46764,
    "PhilipsRWVIntercept": 0,
    "PhilipsRescaleSlope": 1.46764,
    "PhilipsRescaleIntercept": 0,
    "PhilipsScaleSlope": 0.0156631,
    "UsePhilipsFloatNotDisplayScaling": 1,
    "SliceThickness": 2,
    "SpacingBetweenSlices": 2,
    "SAR": 0.0993718,
    "EchoTime": 0.107254,
    "RepetitionTime": 9.79289,
    "FlipAngle": 90,
    "CoilString": "MULTI_COIL",
    "PartialFourier": 0.420635,
    "PercentPhaseFOV": 100,
    "EchoTrainLength": 53,
    "PhaseEncodingSteps": 126,
    "AcquisitionMatrixPE": 126,
    "ReconMatrixPE": 128,
    "PixelBandwidth": 1761,
    "PhaseEncodingAxis": "j",
    "ImageOrientationPatientDICOM": [
        0.994953,
        0.0664236,
        0.075214,
        -0.063821,
        0.997294,
        -0.0364946
    ],
    "InPlanePhaseEncodingDirectionDICOM": "COL",
    "ConversionSoftware": "dcm2niix",
    "ConversionSoftwareVersion": "v1.0.20181125  (JP2:OpenJPEG) GCC9.3.0",
    "Dcm2bidsVersion": "3.1.1"
}