{
    "Modality": "MR",
    "MagneticFieldStrength": 3,
    "ImagingFrequency": 127.766944,
    "Manufacturer": "Philips",
    "ManufacturersModelName": "Ingenia",
    "InstitutionName": "Novosib Neurosurgery Center",
    "InstitutionalDepartmentName": "MRI",
    "InstitutionAddress": "Nemirovicha-Danchenko 132",
    "DeviceSerialNumber": "85054",
    "StationName": "PHILIPS-F7TK6PR",
    "BodyPartExamined": "BRAIN",
    "PatientPosition": "HFS",
    "ProcedureStepDescription": "HEAD TRIGEMINAL1,2",
    "SoftwareVersions": "5.4.1\\5.4.1.3",
    "MRAcquisitionType": "2D",
    "SeriesDescription": "DTI_b0_AP",
    "ProtocolName": "DTI_b0_AP",
    "ScanningSequence": "SE",
    "SequenceVariant": "SK",
    "ScanOptions": "FS",
    "PulseSequenceName": "DwiSE",
    "ImageType": [
        "ORIGINAL",
        "PRIMARY",
        "M",
        "SE",
        "M",
        "SE"
    ],
    "SeriesNumber": 1901,
    "AcquisitionTime": "12:57:42.870000",
    "AcquisitionNumber": 19,
    "PhilipsRWVSlope": 1.94261,
    "PhilipsRWVIntercept": 0,
    "PhilipsRescaleSlope": 1.94261,
    "PhilipsRescaleIntercept": 0,
    "PhilipsScaleSlope": 0.0123939,
    "UsePhilipsFloatNotDisplayScaling": 1,
    "SliceThickness": 2,
    "SpacingBetweenSlices": 2,
    "SAR": 0.174224,
    "NumberOfAverages": 2,
    "EchoTime": 0.046554,
    "RepetitionTime": 5.66075,
    "MTState": false,
    "FlipAngle": 90,
    "CoilString": "MULTI COIL",
    "PercentPhaseFOV": 100,
    "PercentSampling": 100,
    "EchoTrainLength": 53,
    "PartialFourierDirection": "PHASE",
    "PartialFourierEnabled": "YES",
    "PhaseEncodingStepsNoPartialFourier": 126,
    "FrequencyEncodingSteps": 128,
    "PhaseEncodingStepsOutOfPlane": 1,
    "AcquisitionMatrixPE": 126,
    "ReconMatrixPE": 128,
    "ParallelReductionFactorInPlane": 2.4,
    "ParallelAcquisitionTechnique": "SENSE",
    "WaterFatShift": 18.445,
    "EstimatedEffectiveEchoSpacing": 0.000328141,
    "EstimatedTotalReadoutTime": 0.0416739,
    "PixelBandwidth": 1761,
    "PhaseEncodingAxis": "j",
    "ImageOrientationPatientDICOM": [
        0.995792,
        0.059099,
        -0.0700353,
        -0.0592412,
        0.998244,
        4.68584e-05
    ],
    "InPlanePhaseEncodingDirectionDICOM": "COL",
    "BidsGuess": [
        "dwi",
        "_acq-SKSEDwiSEp24_run-1901_dwi"
    ],
    "ConversionSoftware": "dcm2niix",
    "ConversionSoftwareVersion": "v1.0.20240202",
    "Dcm2bidsVersion": "3.1.1"
}
