{
    "Modality": "MR",
    "MagneticFieldStrength": 3,
    "ImagingFrequency": 127.76696,
    "Manufacturer": "Philips",
    "ManufacturersModelName": "Ingenia",
    "InstitutionName": "Novosib Neurosurgery Center",
    "InstitutionalDepartmentName": "MRI",
    "InstitutionAddress": "Nemirovicha-Danchenko 132",
    "DeviceSerialNumber": "85054",
    "StationName": "PHILIPS-F7TK6PR",
    "BodyPartExamined": "BRAIN",
    "PatientPosition": "HFS",
    "ProcedureStepDescription": "HEAD TRIGEMINAL 1,2",
    "SoftwareVersions": "5.4.1\\5.4.1.3",
    "MRAcquisitionType": "2D",
    "SeriesDescription": "DTI_b01_PA",
    "ProtocolName": "DTI_b01_PA",
    "ScanningSequence": "SE",
    "SequenceVariant": "SK",
    "ScanOptions": "FS",
    "PulseSequenceName": "DwiSE",
    "ImageType": [
        "ORIGINAL",
        "PRIMARY",
        "M",
        "SE",
        "M",
        "SE"
    ],
    "SeriesNumber": 1501,
    "AcquisitionTime": "09:50:19.650000",
    "AcquisitionNumber": 15,
    "PhilipsRWVSlope": 2.25739,
    "PhilipsRWVIntercept": 0,
    "PhilipsRescaleSlope": 2.25739,
    "PhilipsRescaleIntercept": 0,
    "PhilipsScaleSlope": 0.0106642,
    "UsePhilipsFloatNotDisplayScaling": 1,
    "SliceThickness": 2,
    "SpacingBetweenSlices": 2,
    "SAR": 0.17568,
    "NumberOfAverages": 2,
    "EchoTime": 0.04587,
    "RepetitionTime": 5.61538,
    "MTState": false,
    "FlipAngle": 90,
    "CoilString": "MULTI COIL",
    "PercentPhaseFOV": 100,
    "PercentSampling": 100,
    "EchoTrainLength": 53,
    "PartialFourierDirection": "PHASE",
    "PartialFourierEnabled": "YES",
    "PhaseEncodingStepsNoPartialFourier": 126,
    "FrequencyEncodingSteps": 128,
    "PhaseEncodingStepsOutOfPlane": 1,
    "AcquisitionMatrixPE": 126,
    "ReconMatrixPE": 128,
    "ParallelReductionFactorInPlane": 2.4,
    "ParallelAcquisitionTechnique": "SENSE",
    "WaterFatShift": 18.4591,
    "EstimatedEffectiveEchoSpacing": 0.000328391,
    "EstimatedTotalReadoutTime": 0.0417057,
    "PixelBandwidth": 1759,
    "PhaseEncodingAxis": "j",
    "ImageOrientationPatientDICOM": [
        0.999067,
        0.038077,
        0.0203773,
        -0.039253,
        0.997377,
        0.060816
    ],
    "InPlanePhaseEncodingDirectionDICOM": "COL",
    "BidsGuess": [
        "dwi",
        "_acq-SKSEDwiSEp24_run-1501_dwi"
    ],
    "ConversionSoftware": "dcm2niix",
    "ConversionSoftwareVersion": "v1.0.20240202",
    "Dcm2bidsVersion": "3.1.1"
}
