{
    "Modality": "MR",
    "MagneticFieldStrength": 3,
    "ImagingFrequency": 127.766,
    "Manufacturer": "Philips",
    "ManufacturersModelName": "Ingenia",
    "InstitutionName": "Novosib_Neurosurgery_Center",
    "InstitutionalDepartmentName": "MRI",
    "InstitutionAddress": "Nemirovicha-Danchenko_132",
    "DeviceSerialNumber": "85054",
    "StationName": "PHILIPS-F7TK6PR",
    "BodyPartExamined": "BRAIN",
    "PatientPosition": "HFS",
    "ProcedureStepDescription": "HEAD_TRIGEMINAL_1_2",
    "SoftwareVersions": "5.4.1_5.4.1.3",
    "MRAcquisitionType": "2D",
    "SeriesDescription": "DTI_b02_PA",
    "ProtocolName": "DTI_b02_PA",
    "ScanningSequence": "SE",
    "SequenceVariant": "SK",
    "ScanOptions": "FS",
    "ImageType": [
        "ORIGINAL",
        "PRIMARY",
        "M",
        "SE",
        "M",
        "SE"
    ],
    "SeriesNumber": 1801,
    "AcquisitionTime": "11:33:32.630000",
    "AcquisitionNumber": 18,
    "PhilipsRWVSlope": 2.3641,
    "PhilipsRWVIntercept": 0,
    "PhilipsRescaleSlope": 2.3641,
    "PhilipsRescaleIntercept": 0,
    "PhilipsScaleSlope": 0.0106626,
    "UsePhilipsFloatNotDisplayScaling": 1,
    "SliceThickness": 2,
    "SpacingBetweenSlices": 2,
    "SAR": 0.175618,
    "EchoTime": 0.04587,
    "RepetitionTime": 5.61877,
    "FlipAngle": 90,
    "CoilString": "MULTI_COIL",
    "PartialFourier": 0.420635,
    "PercentPhaseFOV": 100,
    "EchoTrainLength": 53,
    "PhaseEncodingSteps": 126,
    "AcquisitionMatrixPE": 126,
    "ReconMatrixPE": 128,
    "PixelBandwidth": 1761,
    "PhaseEncodingAxis": "j",
    "ImageOrientationPatientDICOM": [
        0.988923,
        0.0685938,
        0.13163,
        -0.0796173,
        0.993578,
        0.0803924
    ],
    "InPlanePhaseEncodingDirectionDICOM": "COL",
    "ConversionSoftware": "dcm2niix",
    "ConversionSoftwareVersion": "v1.0.20181125  (JP2:OpenJPEG) GCC9.3.0",
    "Dcm2bidsVersion": "3.1.1"
}